GIT
  remote: git://github.com/bmccoelho/modernizr-rails.git
  revision: c7d553e0a9f983c90c93549e1032640d26c9ec8f
  specs:
    modernizr-rails (2.6.1)

GIT
  remote: git://github.com/change/timecop.git
  revision: 023306b895acd3bf23aa65cfbfe2111751c0378c
  specs:
    timecop (0.3.5)

GIT
  remote: git://github.com/kristianmandrup/apotomo.git
  revision: 54323193581bbf7d7267594b81f497a19842a491
  specs:
    apotomo (1.2.4)
      cells (>= 3.6.7)
      hooks (~> 0.2.0)
      onfire (~> 0.2.0)

GIT
  remote: git://github.com/kristianmandrup/compass-twitter-bootstrap.git
  revision: 01ae251205af3e59f7f8570e27d6f05b08ae4dde
  specs:
    compass_twitter_bootstrap (2.0.3)
      compass

GIT
  remote: git://github.com/kristianmandrup/font_awesome-sass-rails.git
  revision: 3b7f16af114579f276d651e8dd86a53c06c1272e
  specs:
    font_awesome-sass-rails (2.0.2)
      compass (>= 0.11)
      rails (>= 3.1)
      sass (>= 3.0)

GIT
  remote: git://github.com/kristianmandrup/green_monkey.git
  revision: e7615b7adf7b8705f79084ca61548633d36b9417
  specs:
    green_monkey (0.1.4)
      chronic_duration
      haml (>= 3.1.0)
      mida_vocabulary (>= 0.1)

GIT
  remote: git://github.com/kristianmandrup/jquery-ui-bootstrap-rails.git
  revision: 60e41157f5dc1c8d543a13f8c948d3e02a2e8dfe
  specs:
    jquery-ui-bootstrap-rails (0.1.0)
      rails

GIT
  remote: git://github.com/kristianmandrup/rails3-jquery-autocomplete.git
  revision: d4c48fa3f888e55cf694b094485de01108331fdf
  specs:
    rails3-jquery-autocomplete (1.0.7.3)
      rails (~> 3.0)

GIT
  remote: git://github.com/kristianmandrup/rspec-apotomo.git
  revision: f5aeb786008e668448f9ea129b526d3bf95dd1fb
  specs:
    rspec-apotomo (0.9.6)
      apotomo (>= 1.1.4)
      rails (>= 3.0)
      rspec-rails (~> 2.6)

GIT
  remote: git://github.com/seyhunak/twitter-bootstrap-rails.git
  revision: 0b12f376d4e1718a047638491c941a40199e7005
  specs:
    twitter-bootstrap-rails (2.1.3)
      actionpack (>= 3.1)
      less-rails (~> 2.2.3)
      railties (>= 3.1)
      therubyracer (~> 0.10.2)

PATH
  remote: /Users/kmandrup/private/repos/semantic-sass-bootstrap
  specs:
    semantic-sass-bootstrap (0.1.1)
      bootstrap-sass (~> 2.0.4)
      rails (>= 3.1.0)

GEM
  remote: http://rubygems.org/
  specs:
    actionmailer (3.2.8)
      actionpack (= 3.2.8)
      mail (~> 2.4.4)
    actionpack (3.2.8)
      activemodel (= 3.2.8)
      activesupport (= 3.2.8)
      builder (~> 3.0.0)
      erubis (~> 2.7.0)
      journey (~> 1.0.4)
      rack (~> 1.4.0)
      rack-cache (~> 1.2)
      rack-test (~> 0.6.1)
      sprockets (~> 2.1.3)
    activemodel (3.2.8)
      activesupport (= 3.2.8)
      builder (~> 3.0.0)
    activerecord (3.2.8)
      activemodel (= 3.2.8)
      activesupport (= 3.2.8)
      arel (~> 3.0.2)
      tzinfo (~> 0.3.29)
    activeresource (3.2.8)
      activemodel (= 3.2.8)
      activesupport (= 3.2.8)
    activesupport (3.2.8)
      i18n (~> 0.6)
      multi_json (~> 1.0)
    addressable (2.3.2)
    arel (3.0.2)
    awesome_print (1.0.2)
    blankslate (2.1.2.4)
    bootstrap-addons-rails (0.1.0)
      rails
    bootstrap-sass (2.0.4.2)
    bootstrap-wysihtml5-rails (0.3.1)
      railties (>= 3.0)
    bourbon (2.1.1)
      sass (>= 3.1)
    builder (3.0.0)
    capybara (1.1.2)
      mime-types (>= 1.16)
      nokogiri (>= 1.3.3)
      rack (>= 1.0.0)
      rack-test (>= 0.5.4)
      selenium-webdriver (~> 2.0)
      xpath (~> 0.1.4)
    cells (3.8.5)
      actionpack (~> 3.0)
      railties (~> 3.0)
    childprocess (0.3.5)
      ffi (~> 1.0, >= 1.0.6)
    chronic (0.7.0)
    chronic_duration (0.9.6)
      numerizer (~> 0.1.1)
    chunky_png (1.2.6)
    clear_eyes (0.1.5)
      railties (~> 3.1)
      rmagick (~> 2.13.1)
    client_side_validations (3.1.4)
    coderay (1.0.7)
    coffee-rails (3.2.2)
      coffee-script (>= 2.2.0)
      railties (~> 3.2.0)
    coffee-script (2.2.0)
      coffee-script-source
      execjs
    coffee-script-source (1.3.3)
    colored (1.2)
    colorize (0.5.8)
    commonjs (0.2.6)
    compass (0.12.2)
      chunky_png (~> 1.2)
      fssm (>= 0.2.7)
      sass (~> 3.1)
    compass-rails (1.0.3)
      compass (>= 0.12.2, < 0.14)
    credit_card_icons (0.1.1)
    cutter (0.8.8)
      colorize (>= 0.5)
    delorean (1.1.1)
      chronic
    diff-lcs (1.1.3)
    draper (0.17.0)
      actionpack (~> 3.2)
      activesupport (~> 3.2)
    easy_as_pie (0.1.0)
    erubis (2.7.0)
    execjs (1.4.0)
      multi_json (~> 1.0)
    fabrication (2.2.3)
    ffi (1.1.5)
    flexlayout-rails (0.1.4.1)
      rails
    formtastic (2.2.1)
      actionpack (>= 3.0)
    formtastic-bootstrap (2.0.0)
      formtastic (~> 2.2)
      formtastic-bootstrap
    fssm (0.2.9)
    gmaps4rails (1.5.5)
    growl (1.0.3)
    haml (3.1.7)
    haml-rails (0.3.4)
      actionpack (~> 3.0)
      activesupport (~> 3.0)
      haml (~> 3.0)
      railties (~> 3.0)
    haml_coffee_assets (1.4.7)
      coffee-script (>= 1.0.0)
      sprockets (>= 2.0.3)
      tilt (>= 1.3.3)
    hashie (1.2.0)
    hike (1.2.1)
    hooks (0.2.1)
    i18n (0.6.1)
    journey (1.0.4)
    jquery-rails (2.1.1)
      railties (>= 3.1.0, < 5.0)
      thor (~> 0.14)
    jquery-ui-rails (2.0.0)
      jquery-rails
      railties (>= 3.1.0)
    json (1.7.5)
    json_pure (1.7.5)
    launchy (2.1.2)
      addressable (~> 2.3)
    less (2.2.2)
      commonjs (~> 0.2.6)
    less-rails (2.2.3)
      actionpack (>= 3.1)
      less (~> 2.2.0)
    libv8 (3.3.10.4)
    libwebsocket (0.1.5)
      addressable
    lorem_ipsum (0.0.2)
    mail (2.4.4)
      i18n (>= 0.4.0)
      mime-types (~> 1.16)
      treetop (~> 1.4.8)
    masonry-rails (0.1.7)
      rails
    method_source (0.8)
    mida_vocabulary (0.1.3)
      blankslate
    mime-types (1.19)
    mongoid (3.0.5)
      activemodel (~> 3.1)
      moped (~> 1.1)
      origin (~> 1.0)
      tzinfo (~> 0.3.22)
    moped (1.2.1)
    multi_json (1.3.6)
    nokogiri (1.5.5)
    numerizer (0.1.1)
    onfire (0.2.0)
    origin (1.0.8)
    pictos-icons (0.2.1)
    picturefill-rails (0.2.2)
      rails (>= 3.0.0)
    polyglot (0.3.3)
    pry (0.9.10)
      coderay (~> 1.0.5)
      method_source (~> 0.8)
      slop (~> 3.3.1)
    rack (1.4.1)
    rack-cache (1.2)
      rack (>= 0.4)
    rack-ssl (1.3.2)
      rack
    rack-test (0.6.1)
      rack (>= 1.0)
    rails (3.2.8)
      actionmailer (= 3.2.8)
      actionpack (= 3.2.8)
      activerecord (= 3.2.8)
      activeresource (= 3.2.8)
      activesupport (= 3.2.8)
      bundler (~> 1.0)
      railties (= 3.2.8)
    rails-gallery (0.2.1)
    railties (3.2.8)
      actionpack (= 3.2.8)
      activesupport (= 3.2.8)
      rack-ssl (~> 1.3.2)
      rake (>= 0.8.7)
      rdoc (~> 3.4)
      thor (>= 0.14.6, < 2.0)
    rake (0.9.2.2)
    rdoc (3.12)
      json (~> 1.4)
    rmagick (2.13.1)
    rspec (2.11.0)
      rspec-core (~> 2.11.0)
      rspec-expectations (~> 2.11.0)
      rspec-mocks (~> 2.11.0)
    rspec-core (2.11.1)
    rspec-expectations (2.11.3)
      diff-lcs (~> 1.1.3)
    rspec-mocks (2.11.2)
    rspec-rails (2.11.0)
      actionpack (>= 3.0)
      activesupport (>= 3.0)
      railties (>= 3.0)
      rspec (~> 2.11.0)
    rubyzip (0.9.9)
    sass (3.2.1)
    sass-rails (3.2.5)
      railties (~> 3.2.0)
      sass (>= 3.1.10)
      tilt (~> 1.3)
    selenium-webdriver (2.25.0)
      childprocess (>= 0.2.5)
      libwebsocket (~> 0.1.3)
      multi_json (~> 1.0)
      rubyzip
    shoulda (3.1.1)
      shoulda-context (~> 1.0)
      shoulda-matchers (~> 1.2)
    shoulda-context (1.0.0)
    shoulda-matchers (1.3.0)
      activesupport (>= 3.0.0)
    slop (3.3.3)
    social-buttons (0.3.6)
      rails (>= 3.0.0)
    social_icons (0.3.0)
      haml
    spork (1.0.0rc3)
    spork-rails (3.2.0)
      rails (>= 3.0.0, < 3.3.0)
      spork (>= 1.0rc0)
    sprockets (2.1.3)
      hike (~> 1.2)
      rack (~> 1.0)
      tilt (~> 1.1, != 1.3.0)
    sprockets-image_compressor (0.2.0)
      sprockets
    tabulous (1.3.0)
      colored (~> 1.2.0)
      rails (~> 3.0)
    therubyracer (0.10.2)
      libv8 (~> 3.3.10)
    thor (0.16.0)
    tilt (1.3.3)
    treetop (1.4.10)
      polyglot
      polyglot (>= 0.3.1)
    twitter_bootstrap-kaminari-views (0.1.0)
      rails
    tzinfo (0.3.33)
    uglifier (1.3.0)
      execjs (>= 0.3.0)
      multi_json (~> 1.0, >= 1.0.2)
    wirble (0.1.3)
    world-flags (0.6.3)
      hashie (~> 1.2)
      i18n (~> 0.6)
    xpath (0.1.4)
      nokogiri (~> 1.3)

PLATFORMS
  ruby

DEPENDENCIES
  apotomo (~> 1.2.3)!
  awesome_print
  bootstrap-addons-rails
  bootstrap-wysihtml5-rails
  bourbon
  capybara (>= 1.1.2)
  clear_eyes
  client_side_validations
  coffee-rails
  compass-rails (~> 1.0.3)
  compass_twitter_bootstrap!
  credit_card_icons (~> 0.1.0)
  cutter (~> 0.8.2)
  delorean (~> 1.1.1)
  draper
  easy_as_pie (>= 0.1.0)
  execjs
  fabrication
  flexlayout-rails (~> 0.1.4)
  font_awesome-sass-rails (~> 2.0.0)!
  formtastic-bootstrap (~> 2.0.0)
  gmaps4rails
  green_monkey!
  growl (>= 1.0.3)
  haml (>= 3.0.0)
  haml-rails
  haml_coffee_assets
  jquery-rails
  jquery-ui-bootstrap-rails!
  jquery-ui-rails
  json_pure
  launchy
  lorem_ipsum
  masonry-rails (~> 0.1)
  modernizr-rails!
  mongoid (~> 3)
  pictos-icons (>= 0.2.0)
  picturefill-rails
  pry
  rails (~> 3.2)
  rails-gallery (~> 0.2.0)
  rails3-jquery-autocomplete!
  rspec-apotomo!
  rspec-rails (>= 2.8.1)
  sass-rails (~> 3.2)
  semantic-sass-bootstrap (~> 0.1.1)!
  shoulda
  shoulda-matchers
  social-buttons (~> 0.3.0)
  social_icons (~> 0.3.0)
  spork-rails (~> 3.2.0)
  sprockets-image_compressor
  tabulous
  timecop (~> 0.3.5)!
  twitter-bootstrap-rails!
  twitter_bootstrap-kaminari-views
  uglifier (>= 1.0.3)
  wirble
  world-flags (~> 0.6.3)
